PATH
  remote: .
  specs:
    lazyeval (0.0.3)

GEM
  remote: https://rubygems.org/
  specs:
    rake (10.0.4)
    thoughtbot-shoulda (2.11.1)
    yard (0.8.6.1)

PLATFORMS
  ruby

DEPENDENCIES
  bundler (~> 1.3)
  lazyeval!
  rake
  thoughtbot-shoulda
  yard
